PATH
  remote: .
  specs:
    tilt-preload (0.0.0)
      tilt (~> 2.0)

GEM
  remote: https://rubygems.org/
  specs:
    byebug (4.0.3)
      columnize (= 0.9.0)
    columnize (0.9.0)
    minitest (5.5.1)
    rake (10.4.2)
    tilt (2.0.1)

PLATFORMS
  ruby

DEPENDENCIES
  byebug
  minitest
  rake
  tilt-preload!
